PATH
  remote: .
  specs:
    clock (0.1.0)
      timeout

GEM
  remote: https://rubygems.org/
  specs:
    rake (13.0.3)
    timeout (0.1.1)

PLATFORMS
  x64-mingw32

DEPENDENCIES
  clock!
  rake (~> 13.0)
  timeout

BUNDLED WITH
   2.2.13
